GEM
  remote: https://rubygems.org/
  specs:
    byebug (11.1.1)
    ffi (1.12.2)
    listen (3.2.1)
      rb-fsevent (~> 0.10, >= 0.10.3)
      rb-inotify (~> 0.9, >= 0.9.10)
    multi_json (1.14.1)
    oj (3.10.5)
    rack (2.2.3)
    rb-fsevent (0.10.3)
    rb-inotify (0.10.1)
      ffi (~> 1.0)
    rerun (0.13.0)
      listen (~> 3.0)

PLATFORMS
  ruby

DEPENDENCIES
  byebug
  multi_json
  oj
  rack
  rerun

BUNDLED WITH
   2.0.2
